GEM
  remote: https://rubygems.org/
  specs:
    gruff (0.5.1)
      rmagick
    rmagick (2.13.4)

PLATFORMS
  ruby

DEPENDENCIES
  gruff (~> 0.5.1)
